PATH
  remote: .
  specs:
    pericope (1.0.0)

GEM
  remote: http://rubygems.org/
  specs:
    ansi (1.5.0)
    builder (3.2.3)
    minitest (5.11.3)
    minitest-reporters (1.3.2)
      ansi
      builder
      minitest (>= 5.0)
      ruby-progressbar
    minitest-reporters-turn_reporter (0.1.2)
      minitest-reporters
    rake (10.5.0)
    ruby-progressbar (1.10.0)
    shoulda-context (1.2.2)

PLATFORMS
  ruby

DEPENDENCIES
  bundler (~> 1.10)
  minitest (~> 5.0)
  minitest-reporters
  minitest-reporters-turn_reporter
  pericope!
  rake (~> 10.0)
  shoulda-context

BUNDLED WITH
   1.16.1
