PATH
  remote: .
  specs:
    pericope (0.7.1)

GEM
  remote: http://rubygems.org/
  specs:
    ansi (1.5.0)
    builder (3.2.3)
    minitest (5.10.3)
    minitest-reporters (1.1.17)
      ansi
      builder
      minitest (>= 5.0)
      ruby-progressbar
    minitest-reporters-turn_reporter (0.1.2)
      minitest-reporters
    rake (10.5.0)
    ruby-progressbar (1.8.1)

PLATFORMS
  ruby

DEPENDENCIES
  bundler (~> 1.10)
  minitest (~> 5.0)
  minitest-reporters
  minitest-reporters-turn_reporter
  pericope!
  rake (~> 10.0)

BUNDLED WITH
   1.16.1
