PATH
  remote: .
  specs:
    pericope (0.6.2)
      activesupport

GEM
  remote: http://rubygems.org/
  specs:
    activesupport (4.2.5)
      i18n (~> 0.7)
      json (~> 1.7, >= 1.7.7)
      minitest (~> 5.1)
      thread_safe (~> 0.3, >= 0.3.4)
      tzinfo (~> 1.1)
    ansi (1.4.3)
    coderay (1.0.9)
    i18n (0.7.0)
    json (1.8.3)
    method_source (0.8.1)
    minitest (5.8.3)
    pry (0.9.12.2)
      coderay (~> 1.0.5)
      method_source (~> 0.8)
      slop (~> 3.4)
    rake (10.0.4)
    slop (3.4.4)
    thread_safe (0.3.5)
    turn (0.9.6)
      ansi
    tzinfo (1.2.2)
      thread_safe (~> 0.1)

PLATFORMS
  ruby

DEPENDENCIES
  pericope!
  pry
  rake
  turn

BUNDLED WITH
   1.10.6
