PATH
  remote: .
  specs:
    pericope (0.7.1)
      activesupport

GEM
  remote: http://rubygems.org/
  specs:
    activesupport (5.1.3)
      concurrent-ruby (~> 1.0, >= 1.0.2)
      i18n (~> 0.7)
      minitest (~> 5.1)
      tzinfo (~> 1.1)
    ansi (1.5.0)
    builder (3.2.3)
    concurrent-ruby (1.0.5)
    i18n (0.8.6)
    minitest (5.10.3)
    minitest-reporters (1.1.17)
      ansi
      builder
      minitest (>= 5.0)
      ruby-progressbar
    minitest-reporters-turn_reporter (0.1.2)
      minitest-reporters
    rake (10.5.0)
    ruby-progressbar (1.8.1)
    thread_safe (0.3.6)
    tzinfo (1.2.3)
      thread_safe (~> 0.1)

PLATFORMS
  ruby

DEPENDENCIES
  bundler (~> 1.10)
  minitest (~> 5.0)
  minitest-reporters
  minitest-reporters-turn_reporter
  pericope!
  rake (~> 10.0)

BUNDLED WITH
   1.14.6
