PATH
  remote: .
  specs:
    pericope (0.6.3)
      activesupport

GEM
  remote: http://rubygems.org/
  specs:
    activesupport (4.2.6)
      i18n (~> 0.7)
      json (~> 1.7, >= 1.7.7)
      minitest (~> 5.1)
      thread_safe (~> 0.3, >= 0.3.4)
      tzinfo (~> 1.1)
    ansi (1.5.0)
    builder (3.2.2)
    i18n (0.7.0)
    json (1.8.3)
    minitest (5.8.3)
    minitest-reporters (1.1.9)
      ansi
      builder
      minitest (>= 5.0)
      ruby-progressbar
    minitest-reporters-turn_reporter (0.1.0)
      minitest-reporters
    rake (10.0.4)
    ruby-progressbar (1.8.1)
    thread_safe (0.3.5)
    tzinfo (1.2.2)
      thread_safe (~> 0.1)

PLATFORMS
  ruby

DEPENDENCIES
  bundler (~> 1.10)
  minitest (~> 5.0)
  minitest-reporters
  minitest-reporters-turn_reporter
  pericope!
  rake (~> 10.0)

BUNDLED WITH
   1.11.2
